PATH
  remote: .
  specs:
    code_ownership (1.32.1)
      code_teams (~> 1.0)
      packs
      sorbet-runtime

GEM
  remote: https://rubygems.org/
  specs:
    ast (2.4.2)
    code_teams (1.0.1)
      sorbet-runtime
    coderay (1.1.3)
    diff-lcs (1.5.0)
    method_source (1.0.0)
    netrc (0.11.0)
    packs (0.0.6)
      sorbet-runtime
    parallel (1.22.1)
    parser (3.2.1.1)
      ast (~> 2.4.1)
    pry (0.14.2)
      coderay (~> 1.1)
      method_source (~> 1.0)
    rake (13.0.6)
    rbi (0.0.16)
      ast
      parser (>= 2.6.4.0)
      sorbet-runtime (>= 0.5.9204)
      unparser
    rspec (3.10.0)
      rspec-core (~> 3.10.0)
      rspec-expectations (~> 3.10.0)
      rspec-mocks (~> 3.10.0)
    rspec-core (3.10.1)
      rspec-support (~> 3.10.0)
    rspec-expectations (3.10.1)
      diff-lcs (>= 1.2.0, < 2.0)
      rspec-support (~> 3.10.0)
    rspec-mocks (3.10.2)
      diff-lcs (>= 1.2.0, < 2.0)
      rspec-support (~> 3.10.0)
    rspec-support (3.10.2)
    sorbet (0.5.10707)
      sorbet-static (= 0.5.10707)
    sorbet-runtime (0.5.10707)
    sorbet-static (0.5.10707-universal-darwin-14)
    sorbet-static (0.5.10707-universal-darwin-15)
    sorbet-static (0.5.10707-universal-darwin-16)
    sorbet-static (0.5.10707-universal-darwin-17)
    sorbet-static (0.5.10707-universal-darwin-18)
    sorbet-static (0.5.10707-universal-darwin-19)
    sorbet-static (0.5.10707-universal-darwin-20)
    sorbet-static (0.5.10707-universal-darwin-21)
    sorbet-static (0.5.10707-universal-darwin-22)
    sorbet-static (0.5.10707-x86_64-linux)
    sorbet-static-and-runtime (0.5.10707)
      sorbet (= 0.5.10707)
      sorbet-runtime (= 0.5.10707)
    spoom (1.1.16)
      sorbet (>= 0.5.10187)
      sorbet-runtime (>= 0.5.9204)
      thor (>= 0.19.2)
    tapioca (0.11.1)
      bundler (>= 1.17.3)
      netrc (>= 0.11.0)
      parallel (>= 1.21.0)
      rbi (~> 0.0.0, >= 0.0.16)
      sorbet-static-and-runtime (>= 0.5.10187)
      spoom (~> 1.1.0, >= 1.1.11)
      thor (>= 1.2.0)
      yard-sorbet
    thor (1.2.1)
    unparser (0.6.7)
      diff-lcs (~> 1.3)
      parser (>= 3.2.0)
    webrick (1.7.0)
    yard (0.9.28)
      webrick (~> 1.7.0)
    yard-sorbet (0.8.0)
      sorbet-runtime (>= 0.5)
      yard (>= 0.9)

PLATFORMS
  arm64-darwin-20
  arm64-darwin-21
  ruby
  x86_64-darwin-20
  x86_64-linux

DEPENDENCIES
  code_ownership!
  pry
  rake
  rspec (~> 3.0)
  sorbet
  tapioca

BUNDLED WITH
   2.3.8
